GEM
  remote: https://rubygems.org/
  specs:
    anemone (0.7.2)
      nokogiri (>= 1.3.0)
      robotex (>= 1.0.0)
    blankslate (2.1.2.4)
    classifier-reborn (2.0.3)
      fast-stemmer (~> 1.0)
    coffee-script (2.4.1)
      coffee-script-source
      execjs
    coffee-script-source (1.10.0)
    colorator (0.1)
    colorize (0.5.8)
    execjs (2.6.0)
    fast-stemmer (1.0.2)
    ffi (1.9.10)
    jekyll (2.4.0)
      classifier-reborn (~> 2.0)
      colorator (~> 0.1)
      jekyll-coffeescript (~> 1.0)
      jekyll-gist (~> 1.0)
      jekyll-paginate (~> 1.0)
      jekyll-sass-converter (~> 1.0)
      jekyll-watch (~> 1.1)
      kramdown (~> 1.3)
      liquid (~> 2.6.1)
      mercenary (~> 0.3.3)
      pygments.rb (~> 0.6.0)
      redcarpet (~> 3.1)
      safe_yaml (~> 1.0)
      toml (~> 0.1.0)
    jekyll-coffeescript (1.0.1)
      coffee-script (~> 2.2)
    jekyll-feed (0.5.1)
    jekyll-gist (1.2.1)
    jekyll-paginate (1.1.0)
    jekyll-redirect-from (0.10.0)
      jekyll (>= 2.0)
    jekyll-sass-converter (1.2.0)
      sass (~> 3.2)
    jekyll-sitemap (0.10.0)
    jekyll-watch (1.4.0)
      listen (~> 3.0, < 3.1)
    kramdown (1.5.0)
    link-checker (0.7.2)
      anemone (~> 0.7.2)
      colorize (~> 0.5.8)
      nokogiri (~> 1.5.5)
      trollop (~> 2.0)
    liquid (2.6.2)
    listen (3.0.7)
      rb-fsevent (>= 0.9.3)
      rb-inotify (>= 0.9.7)
    mercenary (0.3.6)
    nokogiri (1.5.6)
    parslet (1.5.0)
      blankslate (~> 2.0)
    posix-spawn (0.3.11)
    pygments.rb (0.6.3)
      posix-spawn (~> 0.3.6)
      yajl-ruby (~> 1.2.0)
    rb-fsevent (0.9.7)
    rb-inotify (0.9.7)
      ffi (>= 0.5.0)
    redcarpet (3.3.1)
    robotex (1.0.0)
    safe_yaml (1.0.4)
    sass (3.4.22)
    toml (0.1.2)
      parslet (~> 1.5.0)
    trollop (2.1.2)
    yajl-ruby (1.2.1)

PLATFORMS
  ruby

DEPENDENCIES
  jekyll
  jekyll-feed
  jekyll-redirect-from
  jekyll-sitemap
  link-checker

BUNDLED WITH
   1.12.3
